GEM
  remote: https://rubygems.org/
  specs:
    addressable (2.8.7)
      public_suffix (>= 2.0.2, < 7.0)
    base64 (0.2.0)
    cpf_cnpj (1.0.1)
    domain_name (0.6.20240107)
    ffi (1.17.1-x64-mingw-ucrt)
    ffi-compiler (1.3.2)
      ffi (>= 1.15.5)
      rake
    http (5.2.0)
      addressable (~> 2.8)
      base64 (~> 0.1)
      http-cookie (~> 1.0)
      http-form_data (~> 2.2)
      llhttp-ffi (~> 0.5.0)
    http-cookie (1.0.8)
      domain_name (~> 0.5)
    http-form_data (2.3.0)
    llhttp-ffi (0.5.0)
      ffi-compiler (~> 1.0)
      rake (~> 13.0)
    os (1.1.4)
    public_suffix (6.0.1)
    rake (13.2.1)

PLATFORMS
  x64-mingw-ucrt

DEPENDENCIES
  cpf_cnpj (~> 1.0, >= 1.0.1)
  http (~> 5.2)
  os

BUNDLED WITH
   2.6.2
